GEM
  remote: https://rubygems.org/
  specs:
    addressable (2.5.2)
      public_suffix (>= 2.0.2, < 4.0)
    aws-sdk (2.11.193)
      aws-sdk-resources (= 2.11.193)
    aws-sdk-core (2.11.193)
      aws-sigv4 (~> 1.0)
      jmespath (~> 1.0)
    aws-sdk-resources (2.11.193)
      aws-sdk-core (= 2.11.193)
    aws-sigv4 (1.0.3)
    builder (3.2.3)
    chef (14.8.12)
      addressable
      bundler (>= 1.10)
      chef-config (= 14.8.12)
      chef-zero (>= 13.0)
      diff-lcs (~> 1.2, >= 1.2.4)
      erubis (~> 2.7)
      ffi (~> 1.9, >= 1.9.25)
      ffi-yajl (~> 2.2)
      highline (~> 1.6, >= 1.6.9)
      iniparse (~> 1.4)
      mixlib-archive (~> 0.4)
      mixlib-authentication (~> 2.1)
      mixlib-cli (~> 1.7)
      mixlib-log (~> 2.0, >= 2.0.3)
      mixlib-shellout (~> 2.4)
      net-sftp (~> 2.1, >= 2.1.2)
      net-ssh (~> 4.2)
      net-ssh-multi (~> 1.2, >= 1.2.1)
      ohai (~> 14.0)
      plist (~> 3.2)
      proxifier (~> 1.0)
      rspec-core (~> 3.5)
      rspec-expectations (~> 3.5)
      rspec-mocks (~> 3.5)
      rspec_junit_formatter (~> 0.2.0)
      serverspec (~> 2.7)
      specinfra (~> 2.10)
      syslog-logger (~> 1.6)
      uuidtools (~> 2.1.5)
    chef-config (14.8.12)
      addressable
      fuzzyurl
      mixlib-config (>= 2.2.12, < 3.0)
      mixlib-shellout (~> 2.0)
      tomlrb (~> 1.2)
    chef-provisioning (2.7.4)
      cheffish (>= 4.0, < 15.0)
      inifile (>= 2.0.2)
      mixlib-install (>= 1.0)
      net-scp (~> 1.0)
      net-ssh (>= 2.9, < 5.0)
      net-ssh-gateway (> 1.2, < 3.0)
      winrm (~> 2.0)
      winrm-elevated (~> 1.0)
      winrm-fs (~> 1.0)
    chef-provisioning-aws (3.0.7)
      aws-sdk (>= 2.2.18, < 3.0)
      chef-provisioning (>= 1.0, < 3.0)
      retryable (~> 2.0, >= 2.0.1)
      ubuntu_ami (~> 0.4, >= 0.4.1)
    chef-zero (14.0.11)
      ffi-yajl (~> 2.2)
      hashie (>= 2.0, < 4.0)
      mixlib-log (~> 2.0)
      rack (~> 2.0, >= 2.0.6)
      uuidtools (~> 2.1)
    cheffish (14.0.4)
      chef-zero (~> 14.0)
      net-ssh
    diff-lcs (1.3)
    erubis (2.7.0)
    excon (0.62.0)
    ffi (1.9.25)
    ffi-yajl (2.3.1)
      libyajl2 (~> 1.2)
    fog-aws (3.3.0)
      fog-core (~> 2.1)
      fog-json (~> 1.1)
      fog-xml (~> 0.1)
      ipaddress (~> 0.8)
    fog-core (2.1.2)
      builder
      excon (~> 0.58)
      formatador (~> 0.2)
      mime-types
    fog-json (1.2.0)
      fog-core
      multi_json (~> 1.10)
    fog-xml (0.1.3)
      fog-core
      nokogiri (>= 1.5.11, < 2.0.0)
    formatador (0.2.5)
    fuzzyurl (0.9.0)
    gssapi (1.2.0)
      ffi (>= 1.0.1)
    gyoku (1.3.1)
      builder (>= 2.1.2)
    hashie (3.6.0)
    highline (1.7.10)
    httpclient (2.8.3)
    inifile (3.0.0)
    iniparse (1.4.4)
    ipaddress (0.8.3)
    jmespath (1.4.0)
    knife-ec2 (0.19.16)
      fog-aws (>= 1, < 4)
      knife-windows (~> 1.0)
    knife-solo (0.7.0)
      chef (>= 10.20)
      erubis (~> 2.7.0)
      net-ssh (>= 2.7)
    knife-windows (1.9.6)
      winrm (~> 2.1)
      winrm-elevated (~> 1.0)
    librarian (0.1.2)
      highline
      thor (~> 0.15)
    librarian-chef (0.0.4)
      chef (>= 0.10)
      librarian (~> 0.1.0)
      minitar (>= 0.5.2)
    libyajl2 (1.2.0)
    little-plugger (1.1.4)
    logging (2.2.2)
      little-plugger (~> 1.1)
      multi_json (~> 1.10)
    mime-types (3.2.2)
      mime-types-data (~> 3.2015)
    mime-types-data (3.2018.0812)
    mini_portile2 (2.4.0)
    minitar (0.7)
    mixlib-archive (0.4.19)
      mixlib-log
    mixlib-authentication (2.1.1)
    mixlib-cli (1.7.0)
    mixlib-config (2.2.18)
      tomlrb
    mixlib-install (3.11.5)
      mixlib-shellout
      mixlib-versioning
      thor
    mixlib-log (2.0.9)
    mixlib-shellout (2.4.4)
    mixlib-versioning (1.2.2)
    multi_json (1.13.1)
    net-scp (1.2.1)
      net-ssh (>= 2.6.5)
    net-sftp (2.1.2)
      net-ssh (>= 2.6.5)
    net-ssh (4.2.0)
    net-ssh-gateway (1.3.0)
      net-ssh (>= 2.6.5)
    net-ssh-multi (1.2.1)
      net-ssh (>= 2.6.5)
      net-ssh-gateway (>= 1.2.0)
    net-telnet (0.1.1)
    nokogiri (1.9.1)
      mini_portile2 (~> 2.4.0)
    nori (2.6.0)
    ohai (14.8.10)
      chef-config (>= 12.8, < 15)
      ffi (~> 1.9)
      ffi-yajl (~> 2.2)
      ipaddress
      mixlib-cli (>= 1.7.0)
      mixlib-config (~> 2.0)
      mixlib-log (~> 2.0, >= 2.0.1)
      mixlib-shellout (~> 2.0)
      plist (~> 3.1)
      systemu (~> 2.6.4)
      wmi-lite (~> 1.0)
    plist (3.4.0)
    proxifier (1.0.3)
    public_suffix (3.0.3)
    rack (2.0.6)
    retryable (2.0.4)
    rspec (3.8.0)
      rspec-core (~> 3.8.0)
      rspec-expectations (~> 3.8.0)
      rspec-mocks (~> 3.8.0)
    rspec-core (3.8.0)
      rspec-support (~> 3.8.0)
    rspec-expectations (3.8.2)
      diff-lcs (>= 1.2.0, < 2.0)
      rspec-support (~> 3.8.0)
    rspec-its (1.2.0)
      rspec-core (>= 3.0.0)
      rspec-expectations (>= 3.0.0)
    rspec-mocks (3.8.0)
      diff-lcs (>= 1.2.0, < 2.0)
      rspec-support (~> 3.8.0)
    rspec-support (3.8.0)
    rspec_junit_formatter (0.2.3)
      builder (< 4)
      rspec-core (>= 2, < 4, != 2.12.0)
    rubyntlm (0.6.2)
    rubyzip (1.2.2)
    serverspec (2.41.3)
      multi_json
      rspec (~> 3.0)
      rspec-its
      specinfra (~> 2.72)
    sfl (2.3)
    specinfra (2.76.5)
      net-scp
      net-ssh (>= 2.7)
      net-telnet (= 0.1.1)
      sfl
    syslog-logger (1.6.8)
    systemu (2.6.5)
    test-kitchen (1.23.5)
      mixlib-install (~> 3.6)
      mixlib-shellout (>= 1.2, < 3.0)
      net-scp (~> 1.1)
      net-ssh (>= 2.9, < 5.0)
      net-ssh-gateway (~> 1.2)
      thor (~> 0.19)
      winrm (~> 2.0)
      winrm-elevated (~> 1.0)
      winrm-fs (~> 1.1)
    thor (0.20.3)
    tomlrb (1.2.7)
    ubuntu_ami (0.4.2)
    uuidtools (2.1.5)
    winrm (2.3.0)
      builder (>= 2.1.2)
      erubis (~> 2.7)
      gssapi (~> 1.2)
      gyoku (~> 1.0)
      httpclient (~> 2.2, >= 2.2.0.2)
      logging (>= 1.6.1, < 3.0)
      nori (~> 2.0)
      rubyntlm (~> 0.6.0, >= 0.6.1)
    winrm-elevated (1.1.0)
      winrm (~> 2.0)
      winrm-fs (~> 1.0)
    winrm-fs (1.3.1)
      erubis (~> 2.7)
      logging (>= 1.6.1, < 3.0)
      rubyzip (~> 1.1)
      winrm (~> 2.0)
    wmi-lite (1.0.1)

PLATFORMS
  ruby

DEPENDENCIES
  chef-provisioning
  chef-provisioning-aws
  knife-ec2
  knife-solo
  librarian-chef
  test-kitchen

BUNDLED WITH
   1.16.1
